GEM
  remote: https://rubygems.org/
  specs:
    awesome_print (1.6.1)
    epzip (0.8.0)
      rubyzip (>= 0.9.4)
    imgkit (1.6.1)
    mini_magick (4.3.5)
    mini_portile2 (2.0.0)
    nokogiri (1.6.7.2)
      mini_portile2 (~> 2.0.0.rc2)
    ruby-progressbar (1.7.5)
    rubyzip (1.2.0)
    wkhtmltoimage-binary (0.12.2)

PLATFORMS
  ruby

DEPENDENCIES
  awesome_print
  epzip
  imgkit
  mini_magick
  nokogiri
  ruby-progressbar
  wkhtmltoimage-binary

BUNDLED WITH
   1.10.6
